GEM
  remote: https://rubygems.org/
  specs:
    formkeeper (0.0.14)
      hpricot
      rack
    hpricot (0.8.6)
    interface (1.0.3)
    minitest (5.4.3)
    rack (1.5.2)
    rack-protection (1.5.3)
      rack
    rack-test (0.6.2)
      rack (>= 1.0)
    sinatra (1.4.6)
      rack (~> 1.4)
      rack-protection (~> 1.4)
      tilt (>= 1.3, < 3)
    sinatra-formkeeper (0.0.7)
      formkeeper (~> 0.0.12)
      hpricot
      rack
      sinatra
    tilt (1.4.1)

PLATFORMS
  ruby

DEPENDENCIES
  interface
  minitest
  rack-test
  sinatra
  sinatra-formkeeper
